GEM
  remote: https://rubygems.org/
  specs:
    actioncable (6.1.4.6)
      actionpack (= 6.1.4.6)
      activesupport (= 6.1.4.6)
      nio4r (~> 2.0)
      websocket-driver (>= 0.6.1)
    actionmailbox (6.1.4.6)
      actionpack (= 6.1.4.6)
      activejob (= 6.1.4.6)
      activerecord (= 6.1.4.6)
      activestorage (= 6.1.4.6)
      activesupport (= 6.1.4.6)
      mail (>= 2.7.1)
    actionmailer (6.1.4.6)
      actionpack (= 6.1.4.6)
      actionview (= 6.1.4.6)
      activejob (= 6.1.4.6)
      activesupport (= 6.1.4.6)
      mail (~> 2.5, >= 2.5.4)
      rails-dom-testing (~> 2.0)
    actionpack (6.1.4.6)
      actionview (= 6.1.4.6)
      activesupport (= 6.1.4.6)
      rack (~> 2.0, >= 2.0.9)
      rack-test (>= 0.6.3)
      rails-dom-testing (~> 2.0)
      rails-html-sanitizer (~> 1.0, >= 1.2.0)
    actiontext (6.1.4.6)
      actionpack (= 6.1.4.6)
      activerecord (= 6.1.4.6)
      activestorage (= 6.1.4.6)
      activesupport (= 6.1.4.6)
      nokogiri (>= 1.8.5)
    actionview (6.1.4.6)
      activesupport (= 6.1.4.6)
      builder (~> 3.1)
      erubi (~> 1.4)
      rails-dom-testing (~> 2.0)
      rails-html-sanitizer (~> 1.1, >= 1.2.0)
    active-model-adapter-source (2.1.1)
      ember-data-source (>= 1.13, < 3.0)
    active_model_serializers (0.10.13)
      actionpack (>= 4.1, < 7.1)
      activemodel (>= 4.1, < 7.1)
      case_transform (>= 0.2)
      jsonapi-renderer (>= 0.1.1.beta1, < 0.3)
    activejob (6.1.4.6)
      activesupport (= 6.1.4.6)
      globalid (>= 0.3.6)
    activemodel (6.1.4.6)
      activesupport (= 6.1.4.6)
    activemodel-serializers-xml (1.0.2)
      activemodel (> 5.x)
      activesupport (> 5.x)
      builder (~> 3.1)
    activerecord (6.1.4.6)
      activemodel (= 6.1.4.6)
      activesupport (= 6.1.4.6)
    activestorage (6.1.4.6)
      actionpack (= 6.1.4.6)
      activejob (= 6.1.4.6)
      activerecord (= 6.1.4.6)
      activesupport (= 6.1.4.6)
      marcel (~> 1.0.0)
      mini_mime (>= 1.1.0)
    activesupport (6.1.4.6)
      concurrent-ruby (~> 1.0, >= 1.0.2)
      i18n (>= 1.6, < 2)
      minitest (>= 5.1)
      tzinfo (~> 2.0)
      zeitwerk (~> 2.3)
    annotate (3.2.0)
      activerecord (>= 3.2, < 8.0)
      rake (>= 10.4, < 14.0)
    ansi (1.5.0)
    ast (2.4.2)
    babel-source (5.8.35)
    babel-transpiler (0.7.0)
      babel-source (>= 4.0, < 6)
      execjs (~> 2.0)
    backport (1.2.0)
    barber (0.12.2)
      ember-source (>= 1.0, < 3.1)
      execjs (>= 1.2, < 3)
    bcrypt (3.1.16)
    benchmark (0.2.0)
    better_errors (2.9.1)
      coderay (>= 1.0.0)
      erubi (>= 1.0.0)
      rack (>= 0.9.0)
    bootsnap (1.10.3)
      msgpack (~> 1.2)
    browser (5.3.1)
    builder (3.2.4)
    byebug (11.1.3)
    case_transform (0.2)
      activesupport
    childprocess (4.1.0)
    code-scanning-rubocop (0.6.1)
      rubocop (~> 1.0)
    coderay (1.1.3)
    coffee-rails (5.0.0)
      coffee-script (>= 2.2.0)
      railties (>= 5.2.0)
    coffee-script (2.4.1)
      coffee-script-source
      execjs
    coffee-script-source (1.12.2)
    concurrent-ruby (1.1.9)
    crass (1.0.6)
    diff-lcs (1.5.0)
    discard (1.2.1)
      activerecord (>= 4.2, < 8)
    dotenv (2.7.6)
    dotenv-rails (2.7.6)
      dotenv (= 2.7.6)
      railties (>= 3.2)
    draper (4.0.2)
      actionpack (>= 5.0)
      activemodel (>= 5.0)
      activemodel-serializers-xml (>= 1.0)
      activesupport (>= 5.0)
      request_store (>= 1.0)
      ruby2_keywords
    e2mmap (0.1.0)
    ember-cli-assets (0.0.37)
    ember-data-source (1.13.15)
      ember-source (>= 1.8, < 3.0)
    ember-es6_template (0.6.0)
      babel-transpiler (>= 0.6.0, < 0.8)
      sprockets (>= 2.2, < 4.1)
    ember-handlebars-template (0.8.0)
      barber (>= 0.11.0)
      sprockets (>= 3.3, < 4.1)
    ember-rails (0.21.0)
      active-model-adapter-source (>= 1.13.0)
      active_model_serializers
      ember-cli-assets (~> 0.0.1)
      ember-data-source (>= 1.13.0)
      ember-es6_template (>= 0.4.0, < 0.7)
      ember-handlebars-template (>= 0.1.1, < 1.0)
      ember-source (>= 1.8.0)
      jquery-rails (>= 1.0.17)
      railties (>= 4.2)
    ember-source (1.13.13)
    erubi (1.10.0)
    execjs (2.8.1)
    ffi (1.15.5)
    globalid (1.0.0)
      activesupport (>= 5.0)
    handlebars-source (4.7.7)
    hiredis (0.6.3)
    i18n (1.9.1)
      concurrent-ruby (~> 1.0)
    icalendar (2.7.1)
      ice_cube (~> 0.16)
    ice_cube (0.16.4)
    idn-ruby (0.1.4)
    iniparse (1.5.0)
    jaro_winkler (1.5.4)
    jquery-rails (4.4.0)
      rails-dom-testing (>= 1, < 3)
      railties (>= 4.2.0)
      thor (>= 0.14, < 2.0)
    jsonapi-renderer (0.2.2)
    kramdown (2.3.1)
      rexml
    kramdown-parser-gfm (1.1.0)
      kramdown (~> 2.0)
    listen (3.7.1)
      rb-fsevent (~> 0.10, >= 0.10.3)
      rb-inotify (~> 0.9, >= 0.9.10)
    lograge (0.11.2)
      actionpack (>= 4)
      activesupport (>= 4)
      railties (>= 4)
      request_store (~> 1.0)
    loofah (2.14.0)
      crass (~> 1.0.2)
      nokogiri (>= 1.5.9)
    mail (2.7.1)
      mini_mime (>= 0.1.1)
    marcel (1.0.2)
    method_source (1.0.0)
    mini_mime (1.1.2)
    mini_portile2 (2.8.0)
    minitest (5.15.0)
    minitest-spec-rails (6.1.0)
      minitest (>= 5.0)
      railties (>= 4.1)
    mocha (1.13.0)
    momentjs-rails (2.29.1.1)
      railties (>= 3.1)
    msgpack (1.4.4)
    nio4r (2.5.8)
    nokogiri (1.13.3)
      mini_portile2 (~> 2.8.0)
      racc (~> 1.4)
    overcommit (0.58.0)
      childprocess (>= 0.6.3, < 5)
      iniparse (~> 1.4)
      rexml (~> 3.2)
    parallel (1.21.0)
    parser (3.1.0.0)
      ast (~> 2.4.1)
    pg (1.3.1)
    pg_search (2.3.6)
      activerecord (>= 5.2)
      activesupport (>= 5.2)
    pry (0.13.1)
      coderay (~> 1.1)
      method_source (~> 1.0)
    pry-byebug (3.9.0)
      byebug (~> 11.0)
      pry (~> 0.13.0)
    puma (5.6.2)
      nio4r (~> 2.0)
    racc (1.6.0)
    rack (2.2.3)
    rack-cors (1.1.1)
      rack (>= 2.0.0)
    rack-test (1.1.0)
      rack (>= 1.0, < 3)
    rails (6.1.4.6)
      actioncable (= 6.1.4.6)
      actionmailbox (= 6.1.4.6)
      actionmailer (= 6.1.4.6)
      actionpack (= 6.1.4.6)
      actiontext (= 6.1.4.6)
      actionview (= 6.1.4.6)
      activejob (= 6.1.4.6)
      activemodel (= 6.1.4.6)
      activerecord (= 6.1.4.6)
      activestorage (= 6.1.4.6)
      activesupport (= 6.1.4.6)
      bundler (>= 1.15.0)
      railties (= 6.1.4.6)
      sprockets-rails (>= 2.0.0)
    rails-dom-testing (2.0.3)
      activesupport (>= 4.2.0)
      nokogiri (>= 1.6)
    rails-html-sanitizer (1.4.2)
      loofah (~> 2.3)
    railties (6.1.4.6)
      actionpack (= 6.1.4.6)
      activesupport (= 6.1.4.6)
      method_source
      rake (>= 0.13)
      thor (~> 1.0)
    rainbow (3.1.1)
    rake (13.0.6)
    rb-fsevent (0.11.1)
    rb-inotify (0.10.1)
      ffi (~> 1.0)
    redis (4.6.0)
    redis-actionpack (5.3.0)
      actionpack (>= 5, < 8)
      redis-rack (>= 2.1.0, < 3)
      redis-store (>= 1.1.0, < 2)
    redis-activesupport (5.3.0)
      activesupport (>= 3, < 8)
      redis-store (>= 1.3, < 2)
    redis-rack (2.1.4)
      rack (>= 2.0.8, < 3)
      redis-store (>= 1.2, < 2)
    redis-rails (5.0.2)
      redis-actionpack (>= 5.0, < 6)
      redis-activesupport (>= 5.0, < 6)
      redis-store (>= 1.2, < 2)
    redis-store (1.9.1)
      redis (>= 4, < 5)
    regexp_parser (2.2.1)
    request_store (1.5.1)
      rack (>= 1.4)
    reverse_markdown (2.1.1)
      nokogiri
    rexml (3.2.5)
    rmagick (4.2.4)
    rubocop (1.25.1)
      parallel (~> 1.10)
      parser (>= 3.1.0.0)
      rainbow (>= 2.2.2, < 4.0)
      regexp_parser (>= 1.8, < 3.0)
      rexml
      rubocop-ast (>= 1.15.1, < 2.0)
      ruby-progressbar (~> 1.7)
      unicode-display_width (>= 1.4.0, < 3.0)
    rubocop-ast (1.15.1)
      parser (>= 3.0.1.1)
    rubocop-rails (2.13.2)
      activesupport (>= 4.2.0)
      rack (>= 1.1)
      rubocop (>= 1.7.0, < 2.0)
    ruby-progressbar (1.11.0)
    ruby2_keywords (0.0.5)
    sassc (2.4.0)
      ffi (~> 1.9)
    sassc-rails (2.1.2)
      railties (>= 4.0.0)
      sassc (>= 2.0)
      sprockets (> 3.0)
      sprockets-rails
      tilt
    siphash (0.0.1)
    solargraph (0.44.3)
      backport (~> 1.2)
      benchmark
      bundler (>= 1.17.2)
      diff-lcs (~> 1.4)
      e2mmap
      jaro_winkler (~> 1.5)
      kramdown (~> 2.3)
      kramdown-parser-gfm (~> 1.1)
      parser (~> 3.0)
      reverse_markdown (>= 1.0.5, < 3)
      rubocop (>= 0.52)
      thor (~> 1.0)
      tilt (~> 2.0)
      yard (~> 0.9, >= 0.9.24)
    spring (4.0.0)
    sprockets (4.0.2)
      concurrent-ruby (~> 1.0)
      rack (> 1, < 3)
    sprockets-rails (3.4.2)
      actionpack (>= 5.2)
      activesupport (>= 5.2)
      sprockets (>= 3.0.0)
    thor (1.2.1)
    tilt (2.0.10)
    turn (0.9.6)
      ansi
    twitter-text (3.1.0)
      idn-ruby
      unf (~> 0.1.0)
    tzinfo (2.0.4)
      concurrent-ruby (~> 1.0)
    tzinfo-data (1.2021.5)
      tzinfo (>= 1.0.0)
    uglifier (4.2.0)
      execjs (>= 0.3.0, < 3)
    unf (0.1.4)
      unf_ext
    unf_ext (0.0.8)
    unicode-display_width (2.1.0)
    webrick (1.7.0)
    websocket-driver (0.7.5)
      websocket-extensions (>= 0.1.0)
    websocket-extensions (0.1.5)
    yard (0.9.27)
      webrick (~> 1.7.0)
    zeitwerk (2.5.4)

PLATFORMS
  ruby

DEPENDENCIES
  annotate
  bcrypt
  better_errors
  bootsnap
  browser
  code-scanning-rubocop
  coffee-rails
  discard
  dotenv-rails
  draper
  ember-data-source (~> 1.13.0)
  ember-rails (~> 0.21.0)
  ember-source (~> 1.13.0)
  handlebars-source
  hiredis
  icalendar (>= 2.3.0)
  jquery-rails
  listen
  lograge
  minitest
  minitest-spec-rails
  mocha
  momentjs-rails
  overcommit
  pg
  pg_search
  pry-byebug
  puma
  rack-cors
  rails (~> 6.1)
  redis
  redis-actionpack
  redis-rails
  rmagick
  rubocop-rails
  sassc-rails
  siphash
  solargraph
  spring
  sprockets
  sprockets-rails
  turn
  twitter-text
  tzinfo-data
  uglifier

RUBY VERSION
   ruby 3.1.0p0

BUNDLED WITH
   2.3.3
